GEM
  remote: http://rubygems.org/
  specs:
    adsf (1.1.1)
      rack (>= 1.0.0)
    chunky_png (1.2.8)
    colored (1.2)
    compass (0.12.2)
      chunky_png (~> 1.2)
      fssm (>= 0.2.7)
      sass (~> 3.1)
    cri (2.3.0)
      colored (>= 1.2)
    ffi (1.8.1)
    fssm (0.2.10)
    kramdown (1.0.1)
    listen (1.0.3)
      rb-fsevent (>= 0.9.3)
      rb-inotify (>= 0.9)
      rb-kqueue (>= 0.2)
    nanoc (3.6.3)
      cri (~> 2.3)
    powder (0.2.0)
      thor (>= 0.11.5)
    rack (1.5.2)
    rb-fsevent (0.9.3)
    rb-inotify (0.9.0)
      ffi (>= 0.5.0)
    rb-kqueue (0.2.0)
      ffi (>= 0.5.0)
    sass (3.2.8)
    thor (0.18.1)

PLATFORMS
  ruby

DEPENDENCIES
  adsf
  compass
  fssm
  kramdown
  listen
  nanoc
  powder
  rack
